GEM
  remote: https://rubygems.org/
  specs:
    amq-protocol (2.3.4)
    bigdecimal (3.2.2)
    bunny (2.24.0)
      amq-protocol (~> 2.3)
      sorted_set (~> 1, >= 1.0.2)
    coderay (1.1.3)
    method_source (1.1.0)
    ox (2.14.23)
      bigdecimal (>= 3.0)
    pry (0.15.2)
      coderay (~> 1.1)
      method_source (~> 1.0)
    rbtree (0.4.6)
    set (1.1.2)
    sorted_set (1.0.3)
      rbtree
      set (~> 1.0)

PLATFORMS
  ruby
  x86_64-linux

DEPENDENCIES
  bunny
  ox
  pry

BUNDLED WITH
   2.6.9
